GENERATE-LOAD-SCRIPTS: ON
STORAGE: NONE
RESTRICTION: || (== net461) (== netstandard2.0)
NUGET
  remote: https://www.nuget.org/api/v2
    FSharp.Core (4.5.2)
    FSharp.Data (3.0.0-beta4)
      FSharp.Core (>= 4.0.0.1) - restriction: || (== net461) (&& (== netstandard2.0) (>= net45))
      FSharp.Core (>= 4.3.4) - restriction: || (&& (== net461) (< net45) (>= netstandard2.0)) (== netstandard2.0)
    Google.Protobuf (3.6) - restriction: || (&& (== net461) (>= netstandard2.0)) (== netstandard2.0)
      NETStandard.Library (>= 1.6.1) - restriction: || (&& (== net461) (< net45)) (== netstandard2.0)
    Microsoft.ML (0.3)
      Google.Protobuf (>= 3.5.1) - restriction: || (&& (== net461) (>= netstandard2.0)) (== netstandard2.0)
      Newtonsoft.Json (>= 10.0.3) - restriction: || (&& (== net461) (>= netstandard2.0)) (== netstandard2.0)
      System.CodeDom (>= 4.4) - restriction: || (&& (== net461) (>= netstandard2.0)) (== netstandard2.0)
      System.Reflection.Emit.Lightweight (>= 4.3) - restriction: || (&& (== net461) (>= netstandard2.0)) (== netstandard2.0)
      System.Threading.Tasks.Dataflow (>= 4.8) - restriction: || (&& (== net461) (>= netstandard2.0)) (== netstandard2.0)
    Microsoft.NETCore.Platforms (2.1) - restriction: || (&& (== net461) (< net45) (>= netstandard2.0)) (&& (== net461) (>= netstandard2.0) (< portable-net45+win8+wp8+wpa81)) (== netstandard2.0)
    Microsoft.NETCore.Targets (2.1) - restriction: || (&& (== net461) (< net45) (>= netstandard2.0)) (&& (== net461) (>= netstandard2.0) (< portable-net45+win8+wp8+wpa81)) (== netstandard2.0)
    NETStandard.Library (2.0.3) - restriction: || (&& (== net461) (< net45) (>= netstandard2.0)) (== netstandard2.0)
      Microsoft.NETCore.Platforms (>= 1.1)
    Newtonsoft.Json (11.0.2) - restriction: || (&& (== net461) (>= netstandard2.0)) (== netstandard2.0)
    System.CodeDom (4.5) - restriction: || (&& (== net461) (>= netstandard2.0)) (== netstandard2.0)
    System.IO (4.3) - restriction: || (&& (== net461) (< net45) (>= netstandard2.0)) (&& (== net461) (>= netstandard2.0) (< portable-net45+win8+wp8+wpa81)) (== netstandard2.0)
      Microsoft.NETCore.Platforms (>= 1.1) - restriction: || (&& (== net461) (< net45)) (&& (== net461) (< portable-net45+win8+wp8+wpa81)) (== netstandard2.0)
      Microsoft.NETCore.Targets (>= 1.1) - restriction: || (&& (== net461) (< net45)) (&& (== net461) (< portable-net45+win8+wp8+wpa81)) (== netstandard2.0)
      System.Runtime (>= 4.3) - restriction: || (&& (== net461) (< net45)) (&& (== net461) (< portable-net45+win8+wp8+wpa81)) (== netstandard2.0)
      System.Text.Encoding (>= 4.3) - restriction: || (&& (== net461) (< net45)) (&& (== net461) (< portable-net45+win8+wp8+wpa81)) (== netstandard2.0)
      System.Threading.Tasks (>= 4.3) - restriction: || (&& (== net461) (< net45)) (&& (== net461) (< portable-net45+win8+wp8+wpa81)) (== netstandard2.0)
    System.Reflection (4.3) - restriction: || (&& (== net461) (< net45) (>= netstandard2.0)) (== netstandard2.0)
      Microsoft.NETCore.Platforms (>= 1.1) - restriction: || (&& (== net461) (< net45)) (&& (== net461) (< portable-net45+win8+wp8+wpa81)) (== netstandard2.0)
      Microsoft.NETCore.Targets (>= 1.1) - restriction: || (&& (== net461) (< net45)) (&& (== net461) (< portable-net45+win8+wp8+wpa81)) (== netstandard2.0)
      System.IO (>= 4.3) - restriction: || (&& (== net461) (< net45)) (&& (== net461) (< portable-net45+win8+wp8+wpa81)) (== netstandard2.0)
      System.Reflection.Primitives (>= 4.3) - restriction: || (&& (== net461) (< net45)) (&& (== net461) (< portable-net45+win8+wp8+wpa81)) (== netstandard2.0)
      System.Runtime (>= 4.3) - restriction: || (&& (== net461) (< net45)) (&& (== net461) (< portable-net45+win8+wp8+wpa81)) (== netstandard2.0)
    System.Reflection.Emit.ILGeneration (4.3) - restriction: || (&& (== net461) (< net45) (>= netstandard2.0)) (== netstandard2.0)
      System.Reflection (>= 4.3) - restriction: || (&& (== net461) (< net45)) (== netstandard2.0)
      System.Reflection.Primitives (>= 4.3) - restriction: || (&& (== net461) (< net45)) (== netstandard2.0)
      System.Runtime (>= 4.3) - restriction: || (&& (== net461) (< net45)) (== netstandard2.0)
    System.Reflection.Emit.Lightweight (4.3) - restriction: || (&& (== net461) (>= netstandard2.0)) (== netstandard2.0)
      System.Reflection (>= 4.3) - restriction: || (&& (== net461) (< net45)) (== netstandard2.0)
      System.Reflection.Emit.ILGeneration (>= 4.3) - restriction: || (&& (== net461) (< net45)) (== netstandard2.0)
      System.Reflection.Primitives (>= 4.3) - restriction: || (&& (== net461) (< net45)) (== netstandard2.0)
      System.Runtime (>= 4.3) - restriction: || (&& (== net461) (< net45)) (== netstandard2.0)
    System.Reflection.Primitives (4.3) - restriction: || (&& (== net461) (< net45) (>= netstandard2.0)) (== netstandard2.0)
      Microsoft.NETCore.Platforms (>= 1.1) - restriction: || (&& (== net461) (< net45)) (&& (== net461) (< portable-net45+win8+wp8+wpa81)) (== netstandard2.0)
      Microsoft.NETCore.Targets (>= 1.1) - restriction: || (&& (== net461) (< net45)) (&& (== net461) (< portable-net45+win8+wp8+wpa81)) (== netstandard2.0)
      System.Runtime (>= 4.3) - restriction: || (&& (== net461) (< net45)) (&& (== net461) (< portable-net45+win8+wp8+wpa81)) (== netstandard2.0)
    System.Runtime (4.3) - restriction: || (&& (== net461) (< net45) (>= netstandard2.0)) (== netstandard2.0)
      Microsoft.NETCore.Platforms (>= 1.1) - restriction: || (&& (== net461) (< net45)) (&& (== net461) (< portable-net45+win8+wp8+wpa81)) (== netstandard2.0)
      Microsoft.NETCore.Targets (>= 1.1) - restriction: || (&& (== net461) (< net45)) (&& (== net461) (< portable-net45+win8+wp8+wpa81)) (== netstandard2.0)
    System.Text.Encoding (4.3) - restriction: || (&& (== net461) (< net45) (>= netstandard2.0)) (&& (== net461) (>= netstandard2.0) (< portable-net45+win8+wp8+wpa81)) (== netstandard2.0)
      Microsoft.NETCore.Platforms (>= 1.1) - restriction: || (&& (== net461) (< net45)) (&& (== net461) (< portable-net45+win8+wp8+wpa81)) (== netstandard2.0)
      Microsoft.NETCore.Targets (>= 1.1) - restriction: || (&& (== net461) (< net45)) (&& (== net461) (< portable-net45+win8+wp8+wpa81)) (== netstandard2.0)
      System.Runtime (>= 4.3) - restriction: || (&& (== net461) (< net45)) (&& (== net461) (< portable-net45+win8+wp8+wpa81)) (== netstandard2.0)
    System.Threading.Tasks (4.3) - restriction: || (&& (== net461) (< net45) (>= netstandard2.0)) (&& (== net461) (>= netstandard2.0) (< portable-net45+win8+wp8+wpa81)) (== netstandard2.0)
      Microsoft.NETCore.Platforms (>= 1.1) - restriction: || (&& (== net461) (< net45)) (&& (== net461) (< portable-net45+win8+wp8+wpa81)) (== netstandard2.0)
      Microsoft.NETCore.Targets (>= 1.1) - restriction: || (&& (== net461) (< net45)) (&& (== net461) (< portable-net45+win8+wp8+wpa81)) (== netstandard2.0)
      System.Runtime (>= 4.3) - restriction: || (&& (== net461) (< net45)) (&& (== net461) (< portable-net45+win8+wp8+wpa81)) (== netstandard2.0)
    System.Threading.Tasks.Dataflow (4.9) - restriction: || (&& (== net461) (>= netstandard2.0)) (== netstandard2.0)
